GEM
  remote: https://rubygems.org/
  specs:
    review (2.0.0)
      rubyzip
    rubyzip (1.2.0)

PLATFORMS
  ruby

DEPENDENCIES
  review

BUNDLED WITH
   1.13.1
