GEM
  remote: https://rubygems.org/
  specs:
    posix-spawn (0.3.11)
    pygments.rb (0.6.3)
      posix-spawn (~> 0.3.6)
      yajl-ruby (~> 1.2.0)
    review (2.0.0)
      rubyzip
    rubyzip (1.2.0)
    yajl-ruby (1.2.1)

PLATFORMS
  ruby

DEPENDENCIES
  pygments.rb
  review

BUNDLED WITH
   1.13.1
